GEM
  remote: https://rubygems.org/
  specs:
    ast (2.3.0)
    parser (2.3.3.1)
      ast (~> 2.2)
    querly (0.3.1)
      parser (~> 2.3.1)
      rainbow (~> 2.1)
      thor (~> 0.19)
    rainbow (2.2.1)
    thor (0.19.4)

PLATFORMS
  ruby

DEPENDENCIES
  querly (~> 0.3.0)
  thor

BUNDLED WITH
   1.12.5
